GEM
  remote: https://rubygems.org/
  specs:
    awesome_print (1.2.0)
    coderay (1.1.0)
    method_source (0.8.2)
    mime-types (2.3)
    mini_portile (0.6.0)
    netrc (0.7.7)
    pry (0.10.3)
      coderay (~> 1.1.0)
      method_source (~> 0.8.1)
      slop (~> 3.4)
    qif (1.1.2)
    rest-client (1.7.2)
      mime-types (>= 1.16, < 3.0)
      netrc (~> 0.7)
    slop (3.6.0)
    thor (0.19.1)
    xml-simple (1.1.5)

PLATFORMS
  ruby

DEPENDENCIES
  awesome_print (= 1.2.0)
  mini_portile (= 0.6.0)
  pry (= 0.10.3)
  qif (= 1.1.2)
  rest-client (= 1.7.2)
  thor (= 0.19.1)
  xml-simple (= 1.1.5)

BUNDLED WITH
   1.10.6
